GIT
  remote: git@github.com:thoughtbot/paperback
  revision: 8b7a96868bd07839fa78b4d651582c9ce6f6ce87
  ref: 8b7a96868bd07839fa78b4d651582c9ce6f6ce87
  specs:
    paperback (0.0.1)
      activesupport (~> 4.1.5)
      cocaine (~> 0.5.4)
      coderay (~> 1.1.0)
      kindlegen (~> 2.9.1)
      nokogiri (~> 1.6.3.1)
      pdf-reader (~> 1.3.3)
      redcarpet (~> 3.1.2)
      rmagick (~> 2.13.3)
      terminal-table (~> 1.4.5)
      thor (~> 0.19.1)

GEM
  remote: https://rubygems.org/
  specs:
    Ascii85 (1.0.2)
    activesupport (4.1.8)
      i18n (~> 0.6, >= 0.6.9)
      json (~> 1.7, >= 1.7.7)
      minitest (~> 5.1)
      thread_safe (~> 0.1)
      tzinfo (~> 1.1)
    afm (0.2.2)
    climate_control (0.0.3)
      activesupport (>= 3.0)
    cocaine (0.5.4)
      climate_control (>= 0.0.3, < 1.0)
    coderay (1.1.0)
    hashery (2.1.1)
    i18n (0.6.11)
    json (1.8.1)
    kindlegen (2.9.4)
    mini_portile (0.6.0)
    minitest (5.4.3)
    nokogiri (1.6.3.1)
      mini_portile (= 0.6.0)
    pdf-reader (1.3.3)
      Ascii85 (~> 1.0.0)
      afm (~> 0.2.0)
      hashery (~> 2.0)
      ruby-rc4
      ttfunk
    redcarpet (3.1.2)
    rmagick (2.13.3)
    ruby-rc4 (0.1.5)
    terminal-table (1.4.5)
    thor (0.19.1)
    thread_safe (0.3.4)
    ttfunk (1.4.0)
    tzinfo (1.2.2)
      thread_safe (~> 0.1)

PLATFORMS
  ruby

DEPENDENCIES
  paperback!
